PATH
  remote: .
  specs:
    evergreen (1.0.0)
      capybara (~> 1.0)
      coffee-script
      json_pure
      launchy
      sinatra (~> 1.1)

GEM
  remote: http://rubygems.org/
  specs:
    addressable (2.2.6)
    capybara (1.1.2)
      mime-types (>= 1.16)
      nokogiri (>= 1.3.3)
      rack (>= 1.0.0)
      rack-test (>= 0.5.4)
      selenium-webdriver (~> 2.0)
      xpath (~> 0.1.4)
    capybara-webkit (0.7.2)
      capybara (>= 1.0.0, < 1.2)
    childprocess (0.2.3)
      ffi (~> 1.0.6)
    coderay (0.9.8)
    coffee-script (2.2.0)
      coffee-script-source
      execjs
    coffee-script-source (1.1.3)
    diff-lcs (1.1.3)
    execjs (1.2.12)
      multi_json (~> 1.0)
    ffi (1.0.11)
    json_pure (1.6.3)
    launchy (2.0.5)
      addressable (~> 2.2.6)
    libv8 (3.3.10.4)
    method_source (0.6.7)
      ruby_parser (>= 2.3.1)
    mime-types (1.17.2)
    multi_json (1.0.4)
    nokogiri (1.5.0)
    pry (0.9.7.4)
      coderay (~> 0.9.8)
      method_source (~> 0.6.7)
      ruby_parser (>= 2.3.1)
      slop (~> 2.1.0)
    rack (1.3.5)
    rack-protection (1.1.4)
      rack
    rack-test (0.6.1)
      rack (>= 1.0)
    rake (0.9.2.2)
    rspec (2.7.0)
      rspec-core (~> 2.7.0)
      rspec-expectations (~> 2.7.0)
      rspec-mocks (~> 2.7.0)
    rspec-core (2.7.1)
    rspec-expectations (2.7.0)
      diff-lcs (~> 1.1.2)
    rspec-mocks (2.7.0)
    ruby_parser (2.3.1)
      sexp_processor (~> 3.0)
    rubyzip (0.9.5)
    selenium-webdriver (2.15.0)
      childprocess (>= 0.2.1)
      ffi (~> 1.0.9)
      multi_json (~> 1.0.4)
      rubyzip
    sexp_processor (3.0.9)
    sinatra (1.3.1)
      rack (~> 1.3, >= 1.3.4)
      rack-protection (~> 1.1, >= 1.1.2)
      tilt (~> 1.3, >= 1.3.3)
    slop (2.1.0)
    therubyracer (0.9.9)
      libv8 (~> 3.3.10)
    tilt (1.3.3)
    xpath (0.1.4)
      nokogiri (~> 1.3)

PLATFORMS
  ruby

DEPENDENCIES
  capybara-webkit (~> 0.7)
  evergreen!
  pry
  rake
  rspec (~> 2.0)
  therubyracer (~> 0.9)
